GEM
  remote: http://rubygems.org/
  specs:
    celluloid (0.15.2)
      timers (~> 1.1.0)
    celluloid-io (0.15.0)
      celluloid (>= 0.15.0)
      nio4r (>= 0.5.0)
    chunky_png (1.3.0)
    coderay (1.1.0)
    compass (0.12.2)
      chunky_png (~> 1.2)
      fssm (>= 0.2.7)
      sass (~> 3.1)
    ffi (1.9.3)
    formatador (0.2.4)
    fssm (0.2.10)
    gosu (0.7.50)
    guard (2.4.0)
      formatador (>= 0.2.4)
      listen (~> 2.1)
      lumberjack (~> 1.0)
      pry (>= 0.9.12)
      thor (>= 0.18.1)
    guard-shell (0.6.1)
      guard (>= 1.1.0)
    listen (2.5.0)
      celluloid (>= 0.15.2)
      celluloid-io (>= 0.15.0)
      rb-fsevent (>= 0.9.3)
      rb-inotify (>= 0.9)
    lumberjack (1.0.4)
    metaclass (0.0.2)
    method_source (0.8.2)
    minitest (5.2.3)
    mocha (1.0.0)
      metaclass (~> 0.0.1)
    nio4r (1.0.0)
    pry (0.9.12.6)
      coderay (~> 1.0)
      method_source (~> 0.8)
      slop (~> 3.4)
    r18n-core (1.1.2)
    r18n-desktop (1.1.2)
      r18n-core (= 1.1.2)
    rake (10.1.1)
    rb-fchange (0.0.6)
      ffi
    rb-fsevent (0.9.4)
    rb-inotify (0.9.3)
      ffi (>= 0.5.0)
    rubywarrior-i18n (0.1.0)
      r18n-desktop (= 1.1.2)
    sass (3.2.14)
    slop (3.4.7)
    thor (0.18.1)
    timers (1.1.0)

PLATFORMS
  ruby

DEPENDENCIES
  compass
  gosu
  guard
  guard-shell
  minitest
  mocha
  rake
  rb-fchange
  rb-fsevent (~> 0.9.3)
  rb-inotify
  rubywarrior-i18n
